GIT
  remote: git://github.com/datamapper/dm-core
  revision: 7cc4c145329e81d8b373a37694d050aa197c3699
  branch: release-1.2
  specs:
    dm-core (1.2.1)
      addressable (~> 2.3, >= 2.3.5)

GIT
  remote: git://github.com/p/dm-sweatshop-without-parsetree
  revision: 623ed21c1e75072401a85530c09cc2c8ff029ac2
  branch: integrity
  specs:
    dm-sweatshop (1.2.0)
      dm-core (~> 1.2.0)
      randexp (~> 0.1.5)

GEM
  remote: http://rubygems.org/
  specs:
    activemodel (3.2.16)
      activesupport (= 3.2.16)
      builder (~> 3.0.0)
    activerecord (3.2.16)
      activemodel (= 3.2.16)
      activesupport (= 3.2.16)
      arel (~> 3.0.2)
      tzinfo (~> 0.3.29)
    activesupport (3.2.16)
      i18n (~> 0.6, >= 0.6.4)
      multi_json (~> 1.0)
    addressable (2.3.5)
    amq-protocol (1.9.0)
    ansi (1.4.3)
    arel (3.0.3)
    aws-ses (0.5.0)
      builder
      mail (> 2.2.5)
      mime-types
      xml-simple
    bcat (0.6.2)
      rack (~> 1.0)
    bcrypt-ruby (3.1.2)
    broach (0.3.0)
      multi_json (~> 1.7)
      nap (~> 0.5)
    builder (3.0.4)
    bunny (1.0.6)
      amq-protocol (>= 1.9.0)
    chronic_duration (0.10.2)
      numerizer (~> 0.1.1)
    contest (0.1.3)
    crack (0.4.1)
      safe_yaml (~> 0.9.0)
    data_mapper (1.2.0)
      dm-aggregates (~> 1.2.0)
      dm-constraints (~> 1.2.0)
      dm-core (~> 1.2.0)
      dm-migrations (~> 1.2.0)
      dm-serializer (~> 1.2.0)
      dm-timestamps (~> 1.2.0)
      dm-transactions (~> 1.2.0)
      dm-types (~> 1.2.0)
      dm-validations (~> 1.2.0)
    data_objects (0.10.13)
      addressable (~> 2.1)
    delayed_job (4.0.0)
      activesupport (>= 3.0, < 4.1)
    delayed_job_active_record (4.0.0)
      activerecord (>= 3.0, < 4.1)
      delayed_job (>= 3.0, < 4.1)
    dm-aggregates (1.2.0)
      dm-core (~> 1.2.0)
    dm-constraints (1.2.0)
      dm-core (~> 1.2.0)
    dm-do-adapter (1.2.0)
      data_objects (~> 0.10.6)
      dm-core (~> 1.2.0)
    dm-migrations (1.2.0)
      dm-core (~> 1.2.0)
    dm-serializer (1.2.2)
      dm-core (~> 1.2.0)
      fastercsv (~> 1.5)
      json (~> 1.6)
      json_pure (~> 1.6)
      multi_json (~> 1.0)
    dm-sqlite-adapter (1.2.0)
      dm-do-adapter (~> 1.2.0)
      do_sqlite3 (~> 0.10.6)
    dm-timestamps (1.2.0)
      dm-core (~> 1.2.0)
    dm-transactions (1.2.0)
      dm-core (~> 1.2.0)
    dm-types (1.2.2)
      bcrypt-ruby (~> 3.0)
      dm-core (~> 1.2.0)
      fastercsv (~> 1.5)
      json (~> 1.6)
      multi_json (~> 1.0)
      stringex (~> 1.4)
      uuidtools (~> 2.1)
    dm-validations (1.2.0)
      dm-core (~> 1.2.0)
    do_sqlite3 (0.10.13)
      data_objects (= 0.10.13)
    extlib (0.9.16)
    fastercsv (1.5.5)
    haml (4.0.4)
      tilt
    hpricot (0.8.6)
    i18n (0.6.9)
    json (1.8.1)
    json_pure (1.8.1)
    mail (2.2.7)
      activesupport (>= 2.3.6)
      mime-types
      treetop (>= 1.4.5)
    metaclass (0.0.1)
    mime-types (2.0)
    mini_portile (0.5.2)
    mocha (0.14.0)
      metaclass (~> 0.0.1)
    multi_json (1.8.2)
    nap (0.6.0)
    nokogiri (1.6.0)
      mini_portile (~> 0.5.0)
    numerizer (0.1.1)
    polyglot (0.3.3)
    pony (1.6.2)
      mail (>= 2.0)
    rack (1.5.2)
    rack-protection (1.5.1)
      rack
    rack-test (0.6.2)
      rack (>= 1.0)
    rake (10.1.0)
    randexp (0.1.7)
    redgreen (1.2.2)
    rr (1.1.2)
    safe_yaml (0.9.7)
    sass (3.2.12)
    shout-bot (0.0.7)
      addressable
    sinatra (1.4.4)
      rack (~> 1.4)
      rack-protection (~> 1.4)
      tilt (~> 1.3, >= 1.3.4)
    sinatra-authorization (1.0.0)
      sinatra (>= 0.9.1.1)
    sqlite3 (1.3.8)
    stringex (1.5.1)
    tilt (1.4.1)
    timecop (0.7.0)
    treetop (1.4.15)
      polyglot
      polyglot (>= 0.3.1)
    turn (0.9.6)
      ansi
    tzinfo (0.3.38)
    uuidtools (2.1.4)
    webmock (1.16.0)
      addressable (>= 2.2.7)
      crack (>= 0.3.2)
    webrat (0.7.3)
      nokogiri (>= 1.2.0)
      rack (>= 1.0)
      rack-test (>= 0.5.3)
    xml-simple (1.1.2)

PLATFORMS
  ruby

DEPENDENCIES
  activerecord (~> 3.2)
  aws-ses
  bcat
  broach
  bunny
  chronic_duration
  contest
  data_mapper (~> 1.2)
  delayed_job
  delayed_job_active_record
  dm-core!
  dm-sqlite-adapter
  dm-sweatshop!
  do_sqlite3
  extlib
  haml
  hpricot
  i18n
  mocha
  nap
  nokogiri
  pony
  rack-test
  rake
  randexp
  redgreen
  rr
  sass
  shout-bot
  sinatra
  sinatra-authorization
  sqlite3
  timecop
  turn
  webmock
  webrat
